RESTRICTION: || (== netcoreapp3.1) (== netstandard2.0)
NUGET
  remote: https://api.nuget.org/v3/index.json
    Fable.Core (3.1.5)
      FSharp.Core (>= 4.7)
    FsCheck (2.14.2)
      FSharp.Core (>= 4.2.3)
    FsCheck.Xunit (2.14.2)
      FsCheck (2.14.2)
      xunit.extensibility.execution (>= 2.2 < 3.0)
    FSharp.Core (4.7.1)
    Giraffe (4.0.1)
      FSharp.Core (>= 4.7)
      Microsoft.AspNetCore.Authentication (>= 2.2) - restriction: || (&& (== netcoreapp3.1) (>= net461)) (&& (== netcoreapp3.1) (< netcoreapp3.0)) (== netstandard2.0)
      Microsoft.AspNetCore.Authorization (>= 2.2) - restriction: || (&& (== netcoreapp3.1) (>= net461)) (&& (== netcoreapp3.1) (< netcoreapp3.0)) (== netstandard2.0)
      Microsoft.AspNetCore.Diagnostics (>= 2.2) - restriction: || (&& (== netcoreapp3.1) (>= net461)) (&& (== netcoreapp3.1) (< netcoreapp3.0)) (== netstandard2.0)
      Microsoft.AspNetCore.Hosting.Abstractions (>= 2.2) - restriction: || (&& (== netcoreapp3.1) (>= net461)) (&& (== netcoreapp3.1) (< netcoreapp3.0)) (== netstandard2.0)
      Microsoft.AspNetCore.ResponseCaching (>= 2.2) - restriction: || (&& (== netcoreapp3.1) (>= net461)) (&& (== netcoreapp3.1) (< netcoreapp3.0)) (== netstandard2.0)
      Microsoft.IO.RecyclableMemoryStream (>= 1.2.2)
      Newtonsoft.Json (>= 12.0.2)
      System.Text.RegularExpressions (>= 4.3.1)
      System.ValueTuple (>= 4.5)
      System.Xml.XmlSerializer (>= 4.3)
      Taskbuilder.fs (>= 2.1)
      Utf8Json (>= 1.3.7)
    Microsoft.AspNetCore.Authentication (2.2) - restriction: || (&& (== netcoreapp3.1) (>= net461)) (&& (== netcoreapp3.1) (< netcoreapp3.0)) (== netstandard2.0)
      Microsoft.AspNetCore.Authentication.Core (>= 2.2)
      Microsoft.AspNetCore.DataProtection (>= 2.2)
      Microsoft.AspNetCore.Http (>= 2.2)
      Microsoft.AspNetCore.Http.Extensions (>= 2.2)
      Microsoft.Extensions.Logging.Abstractions (>= 2.2)
      Microsoft.Extensions.Options (>= 2.2)
      Microsoft.Extensions.WebEncoders (>= 2.2)
    Microsoft.AspNetCore.Authentication.Abstractions (2.2) - restriction: || (&& (== netcoreapp3.1) (>= net461)) (&& (== netcoreapp3.1) (< netcoreapp3.0)) (== netstandard2.0)
      Microsoft.AspNetCore.Http.Abstractions (>= 2.2)
      Microsoft.Extensions.Logging.Abstractions (>= 2.2)
      Microsoft.Extensions.Options (>= 2.2)
    Microsoft.AspNetCore.Authentication.Core (2.2) - restriction: || (&& (== netcoreapp3.1) (>= net461)) (&& (== netcoreapp3.1) (< netcoreapp3.0)) (== netstandard2.0)
      Microsoft.AspNetCore.Authentication.Abstractions (>= 2.2)
      Microsoft.AspNetCore.Http (>= 2.2)
      Microsoft.AspNetCore.Http.Extensions (>= 2.2)
    Microsoft.AspNetCore.Authorization (3.1.2) - restriction: || (&& (== netcoreapp3.1) (>= net461)) (&& (== netcoreapp3.1) (< netcoreapp3.0)) (== netstandard2.0)
      Microsoft.AspNetCore.Metadata (>= 3.1.2)
      Microsoft.Extensions.Logging.Abstractions (>= 3.1.2)
      Microsoft.Extensions.Options (>= 3.1.2)
    Microsoft.AspNetCore.Cryptography.Internal (3.1.2) - restriction: || (&& (== netcoreapp3.1) (>= net461)) (&& (== netcoreapp3.1) (< netcoreapp3.0)) (== netstandard2.0)
    Microsoft.AspNetCore.DataProtection (3.1.2) - restriction: || (&& (== netcoreapp3.1) (>= net461)) (&& (== netcoreapp3.1) (< netcoreapp3.0)) (== netstandard2.0)
      Microsoft.AspNetCore.Cryptography.Internal (>= 3.1.2)
      Microsoft.AspNetCore.DataProtection.Abstractions (>= 3.1.2)
      Microsoft.Extensions.DependencyInjection.Abstractions (>= 3.1.2)
      Microsoft.Extensions.Hosting.Abstractions (>= 3.1.2)
      Microsoft.Extensions.Logging.Abstractions (>= 3.1.2)
      Microsoft.Extensions.Options (>= 3.1.2)
      Microsoft.Win32.Registry (>= 4.7)
      System.Security.Cryptography.Xml (>= 4.7)
      System.Security.Principal.Windows (>= 4.7) - restriction: == netstandard2.0
    Microsoft.AspNetCore.DataProtection.Abstractions (3.1.2) - restriction: || (&& (== netcoreapp3.1) (>= net461)) (&& (== netcoreapp3.1) (< netcoreapp3.0)) (== netstandard2.0)
    Microsoft.AspNetCore.Diagnostics (2.2) - restriction: || (&& (== netcoreapp3.1) (>= net461)) (&& (== netcoreapp3.1) (< netcoreapp3.0)) (== netstandard2.0)
      Microsoft.AspNetCore.Diagnostics.Abstractions (>= 2.2)
      Microsoft.AspNetCore.Hosting.Abstractions (>= 2.2)
      Microsoft.AspNetCore.Http.Extensions (>= 2.2)
      Microsoft.AspNetCore.WebUtilities (>= 2.2)
      Microsoft.Extensions.FileProviders.Physical (>= 2.2)
      Microsoft.Extensions.Logging.Abstractions (>= 2.2)
      Microsoft.Extensions.Options (>= 2.2)
      System.Diagnostics.DiagnosticSource (>= 4.5)
      System.Reflection.Metadata (>= 1.6)
    Microsoft.AspNetCore.Diagnostics.Abstractions (2.2) - restriction: || (&& (== netcoreapp3.1) (>= net461)) (&& (== netcoreapp3.1) (< netcoreapp3.0)) (== netstandard2.0)
    Microsoft.AspNetCore.Hosting (2.2.7)
      Microsoft.AspNetCore.Hosting.Abstractions (>= 2.2)
      Microsoft.AspNetCore.Http (>= 2.2)
      Microsoft.AspNetCore.Http.Extensions (>= 2.2)
      Microsoft.Extensions.Configuration (>= 2.2)
      Microsoft.Extensions.Configuration.EnvironmentVariables (>= 2.2.4)
      Microsoft.Extensions.Configuration.FileExtensions (>= 2.2)
      Microsoft.Extensions.DependencyInjection (>= 2.2)
      Microsoft.Extensions.FileProviders.Physical (>= 2.2)
      Microsoft.Extensions.Hosting.Abstractions (>= 2.2)
      Microsoft.Extensions.Logging (>= 2.2)
      Microsoft.Extensions.Options (>= 2.2)
      System.Diagnostics.DiagnosticSource (>= 4.5.1)
      System.Reflection.Metadata (>= 1.6)
    Microsoft.AspNetCore.Hosting.Abstractions (2.2)
      Microsoft.AspNetCore.Hosting.Server.Abstractions (>= 2.2)
      Microsoft.AspNetCore.Http.Abstractions (>= 2.2)
      Microsoft.Extensions.Hosting.Abstractions (>= 2.2)
    Microsoft.AspNetCore.Hosting.Server.Abstractions (2.2) - restriction: || (&& (== netcoreapp3.1) (>= net461)) (&& (== netcoreapp3.1) (< netcoreapp3.0)) (== netstandard2.0)
      Microsoft.AspNetCore.Http.Features (>= 2.2)
      Microsoft.Extensions.Configuration.Abstractions (>= 2.2)
    Microsoft.AspNetCore.Http (2.2.2)
      Microsoft.AspNetCore.Http.Abstractions (>= 2.2)
      Microsoft.AspNetCore.WebUtilities (>= 2.2)
      Microsoft.Extensions.ObjectPool (>= 2.2)
      Microsoft.Extensions.Options (>= 2.2)
      Microsoft.Net.Http.Headers (>= 2.2)
    Microsoft.AspNetCore.Http.Abstractions (2.2)
      Microsoft.AspNetCore.Http.Features (>= 2.2)
      System.Text.Encodings.Web (>= 4.5)
    Microsoft.AspNetCore.Http.Extensions (2.2)
      Microsoft.AspNetCore.Http.Abstractions (>= 2.2)
      Microsoft.Extensions.FileProviders.Abstractions (>= 2.2)
      Microsoft.Net.Http.Headers (>= 2.2)
      System.Buffers (>= 4.5)
    Microsoft.AspNetCore.Http.Features (3.1.2) - restriction: || (&& (== netcoreapp3.1) (>= net461)) (&& (== netcoreapp3.1) (< netcoreapp3.0)) (== netstandard2.0)
      Microsoft.Extensions.Primitives (>= 3.1.2)
      System.IO.Pipelines (>= 4.7)
    Microsoft.AspNetCore.Metadata (3.1.2) - restriction: || (&& (== netcoreapp3.1) (>= net461)) (&& (== netcoreapp3.1) (< netcoreapp3.0)) (== netstandard2.0)
    Microsoft.AspNetCore.ResponseCaching (2.2) - restriction: || (&& (== netcoreapp3.1) (>= net461)) (&& (== netcoreapp3.1) (< netcoreapp3.0)) (== netstandard2.0)
      Microsoft.AspNetCore.Http (>= 2.2)
      Microsoft.AspNetCore.Http.Extensions (>= 2.2)
      Microsoft.AspNetCore.ResponseCaching.Abstractions (>= 2.2)
      Microsoft.Extensions.Caching.Memory (>= 2.2)
      Microsoft.Extensions.Logging.Abstractions (>= 2.2)
    Microsoft.AspNetCore.ResponseCaching.Abstractions (2.2) - restriction: || (&& (== netcoreapp3.1) (>= net461)) (&& (== netcoreapp3.1) (< netcoreapp3.0)) (== netstandard2.0)
      Microsoft.Extensions.Primitives (>= 2.2)
    Microsoft.AspNetCore.StaticFiles (2.2)
      Microsoft.AspNetCore.Hosting.Abstractions (>= 2.2)
      Microsoft.AspNetCore.Http.Extensions (>= 2.2)
      Microsoft.Extensions.FileProviders.Abstractions (>= 2.2)
      Microsoft.Extensions.Logging.Abstractions (>= 2.2)
      Microsoft.Extensions.WebEncoders (>= 2.2)
    Microsoft.AspNetCore.TestHost (3.1.2)
      System.IO.Pipelines (>= 4.7) - restriction: || (== netcoreapp3.1) (&& (== netstandard2.0) (>= netcoreapp3.1))
    Microsoft.AspNetCore.WebUtilities (2.2)
      Microsoft.Net.Http.Headers (>= 2.2)
      System.Text.Encodings.Web (>= 4.5)
    Microsoft.Bcl.AsyncInterfaces (1.1) - restriction: || (&& (== netcoreapp3.1) (>= net461)) (&& (== netcoreapp3.1) (< netstandard2.1)) (== netstandard2.0)
      System.Threading.Tasks.Extensions (>= 4.5.2)
    Microsoft.CodeCoverage (16.5) - restriction: || (== netcoreapp3.1) (&& (== netstandard2.0) (>= net45)) (&& (== netstandard2.0) (>= netcoreapp2.1))
    Microsoft.Extensions.Caching.Abstractions (3.1.2) - restriction: || (&& (== netcoreapp3.1) (>= net461)) (&& (== netcoreapp3.1) (< netcoreapp3.0)) (== netstandard2.0)
      Microsoft.Extensions.Primitives (>= 3.1.2)
    Microsoft.Extensions.Caching.Memory (3.1.2) - restriction: || (&& (== netcoreapp3.1) (>= net461)) (&& (== netcoreapp3.1) (< netcoreapp3.0)) (== netstandard2.0)
      Microsoft.Extensions.Caching.Abstractions (>= 3.1.2)
      Microsoft.Extensions.DependencyInjection.Abstractions (>= 3.1.2)
      Microsoft.Extensions.Logging.Abstractions (>= 3.1.2)
      Microsoft.Extensions.Options (>= 3.1.2)
    Microsoft.Extensions.Configuration (3.1.2)
      Microsoft.Extensions.Configuration.Abstractions (>= 3.1.2)
    Microsoft.Extensions.Configuration.Abstractions (3.1.2)
      Microsoft.Extensions.Primitives (>= 3.1.2)
    Microsoft.Extensions.Configuration.Binder (3.1.2)
      Microsoft.Extensions.Configuration (>= 3.1.2)
    Microsoft.Extensions.Configuration.EnvironmentVariables (3.1.2)
      Microsoft.Extensions.Configuration (>= 3.1.2)
    Microsoft.Extensions.Configuration.FileExtensions (3.1.2)
      Microsoft.Extensions.Configuration (>= 3.1.2)
      Microsoft.Extensions.FileProviders.Physical (>= 3.1.2)
    Microsoft.Extensions.Configuration.Json (3.1.2)
      Microsoft.Extensions.Configuration (>= 3.1.2)
      Microsoft.Extensions.Configuration.FileExtensions (>= 3.1.2)
      System.Text.Json (>= 4.7.1) - restriction: == netstandard2.0
      System.Threading.Tasks.Extensions (>= 4.5.2) - restriction: == netstandard2.0
    Microsoft.Extensions.DependencyInjection (3.1.2)
      Microsoft.Bcl.AsyncInterfaces (>= 1.1) - restriction: || (&& (== netcoreapp3.1) (>= net461)) (&& (== netcoreapp3.1) (< netstandard2.1)) (== netstandard2.0)
      Microsoft.Extensions.DependencyInjection.Abstractions (>= 3.1.2)
    Microsoft.Extensions.DependencyInjection.Abstractions (3.1.2)
    Microsoft.Extensions.DependencyModel (3.1.2)
      System.Text.Json (>= 4.7.1)
    Microsoft.Extensions.FileProviders.Abstractions (3.1.2)
      Microsoft.Extensions.Primitives (>= 3.1.2)
    Microsoft.Extensions.FileProviders.Physical (3.1.2)
      Microsoft.Extensions.FileProviders.Abstractions (>= 3.1.2)
      Microsoft.Extensions.FileSystemGlobbing (>= 3.1.2)
    Microsoft.Extensions.FileSystemGlobbing (3.1.2)
    Microsoft.Extensions.Hosting.Abstractions (3.1.2)
      Microsoft.Bcl.AsyncInterfaces (>= 1.1) - restriction: == netstandard2.0
      Microsoft.Extensions.Configuration.Abstractions (>= 3.1.2)
      Microsoft.Extensions.DependencyInjection.Abstractions (>= 3.1.2)
      Microsoft.Extensions.FileProviders.Abstractions (>= 3.1.2)
      Microsoft.Extensions.Logging.Abstractions (>= 3.1.2)
    Microsoft.Extensions.Logging (3.1.2)
      Microsoft.Extensions.Configuration.Binder (>= 3.1.2)
      Microsoft.Extensions.DependencyInjection (>= 3.1.2)
      Microsoft.Extensions.Logging.Abstractions (>= 3.1.2)
      Microsoft.Extensions.Options (>= 3.1.2)
    Microsoft.Extensions.Logging.Abstractions (3.1.2)
    Microsoft.Extensions.ObjectPool (3.1.2)
    Microsoft.Extensions.Options (3.1.2)
      Microsoft.Extensions.DependencyInjection.Abstractions (>= 3.1.2)
      Microsoft.Extensions.Primitives (>= 3.1.2)
      System.ComponentModel.Annotations (>= 4.7) - restriction: == netstandard2.0
    Microsoft.Extensions.Options.ConfigurationExtensions (3.1.2)
      Microsoft.Extensions.Configuration.Abstractions (>= 3.1.2)
      Microsoft.Extensions.Configuration.Binder (>= 3.1.2)
      Microsoft.Extensions.DependencyInjection.Abstractions (>= 3.1.2)
      Microsoft.Extensions.Options (>= 3.1.2)
    Microsoft.Extensions.Primitives (3.1.2)
      System.Memory (>= 4.5.2) - restriction: == netstandard2.0
      System.Runtime.CompilerServices.Unsafe (>= 4.7) - restriction: == netstandard2.0
    Microsoft.Extensions.WebEncoders (3.1.2)
      Microsoft.Extensions.DependencyInjection.Abstractions (>= 3.1.2)
      Microsoft.Extensions.Options (>= 3.1.2)
      System.Text.Encodings.Web (>= 4.7) - restriction: == netstandard2.0
    Microsoft.IO.RecyclableMemoryStream (1.3.3)
      NETStandard.Library (>= 1.6.1) - restriction: || (&& (== netcoreapp3.1) (< netcoreapp2.1) (< netstandard2.1)) (== netstandard2.0)
    Microsoft.Net.Http.Headers (2.2.8)
      Microsoft.Extensions.Primitives (>= 2.2)
      System.Buffers (>= 4.5)
    Microsoft.NET.Test.Sdk (16.5)
      Microsoft.CodeCoverage (>= 16.5) - restriction: || (== netcoreapp3.1) (&& (== netstandard2.0) (>= net45)) (&& (== netstandard2.0) (>= netcoreapp2.1))
      Microsoft.TestPlatform.TestHost (>= 16.5) - restriction: || (== netcoreapp3.1) (&& (== netstandard2.0) (>= netcoreapp2.1))
    Microsoft.NETCore.Platforms (3.1)
    Microsoft.NETCore.Targets (3.1)
    Microsoft.TestPlatform.ObjectModel (16.5) - restriction: || (== netcoreapp3.1) (&& (== netstandard2.0) (>= netcoreapp2.1))
      NuGet.Frameworks (>= 5.0)
    Microsoft.TestPlatform.TestHost (16.5) - restriction: || (== netcoreapp3.1) (&& (== netstandard2.0) (>= netcoreapp2.1))
      Microsoft.TestPlatform.ObjectModel (>= 16.5) - restriction: || (== netcoreapp3.1) (&& (== netstandard2.0) (>= netcoreapp2.1)) (&& (== netstandard2.0) (>= uap10.0))
      Newtonsoft.Json (>= 9.0.1) - restriction: || (== netcoreapp3.1) (&& (== netstandard2.0) (>= netcoreapp2.1)) (&& (== netstandard2.0) (>= uap10.0))
    Microsoft.Win32.Registry (4.7) - restriction: || (&& (== netcoreapp3.1) (>= net461)) (&& (== netcoreapp3.1) (< netcoreapp3.0)) (== netstandard2.0)
      System.Buffers (>= 4.5) - restriction: || (&& (== netcoreapp3.1) (>= monoandroid) (< netstandard2.0)) (&& (== netcoreapp3.1) (>= monotouch)) (&& (== netcoreapp3.1) (< netcoreapp2.0)) (&& (== netcoreapp3.1) (>= xamarinios)) (&& (== netcoreapp3.1) (>= xamarinmac)) (&& (== netcoreapp3.1) (>= xamarintvos)) (&& (== netcoreapp3.1) (>= xamarinwatchos)) (== netstandard2.0)
      System.Memory (>= 4.5.3) - restriction: || (&& (== netcoreapp3.1) (< netcoreapp2.0)) (&& (== netcoreapp3.1) (< netcoreapp2.1)) (&& (== netcoreapp3.1) (>= uap10.1)) (== netstandard2.0)
      System.Security.AccessControl (>= 4.7)
      System.Security.Principal.Windows (>= 4.7)
    Microsoft.Win32.SystemEvents (4.7) - restriction: || (== netcoreapp3.1) (&& (== netstandard2.0) (>= netcoreapp2.0))
      Microsoft.NETCore.Platforms (>= 3.1) - restriction: || (== netcoreapp3.1) (&& (== netstandard2.0) (>= netcoreapp2.0))
    NETStandard.Library (2.0.3)
      Microsoft.NETCore.Platforms (>= 1.1)
    Newtonsoft.Json (12.0.3)
    Npgsql (4.1.3.1)
      System.Memory (>= 4.5.3) - restriction: || (&& (== netcoreapp3.1) (>= net461)) (&& (== netcoreapp3.1) (< netstandard2.1)) (== netstandard2.0)
      System.Runtime.CompilerServices.Unsafe (>= 4.6)
      System.Text.Json (>= 4.6) - restriction: || (&& (== netcoreapp3.1) (>= net461)) (&& (== netcoreapp3.1) (< netcoreapp3.0)) (&& (== netcoreapp3.1) (< netstandard2.1)) (== netstandard2.0)
      System.Threading.Tasks.Extensions (>= 4.5.3) - restriction: || (&& (== netcoreapp3.1) (>= net461)) (&& (== netcoreapp3.1) (< netstandard2.1)) (== netstandard2.0)
      System.ValueTuple (>= 4.5) - restriction: || (&& (== netcoreapp3.1) (>= net461)) (&& (== netcoreapp3.1) (< netstandard2.1)) (== netstandard2.0)
    NuGet.Frameworks (5.5) - restriction: || (== netcoreapp3.1) (&& (== netstandard2.0) (>= netcoreapp2.1))
    runtime.native.System (4.3.1) - restriction: || (== netcoreapp3.1) (&& (== netstandard2.0) (>= netcoreapp1.1))
      Microsoft.NETCore.Platforms (>= 1.1.1)
      Microsoft.NETCore.Targets (>= 1.1.3)
    Serilog (2.9)
    Serilog.AspNetCore (3.2)
      Microsoft.AspNetCore.Hosting.Abstractions (>= 2.0)
      Microsoft.Extensions.DependencyInjection (>= 2.0)
      Microsoft.Extensions.Logging (>= 2.0)
      Serilog (>= 2.8)
      Serilog.Extensions.Hosting (>= 3.0)
      Serilog.Formatting.Compact (>= 1.0)
      Serilog.Settings.Configuration (>= 3.1)
      Serilog.Sinks.Console (>= 3.1.1)
      Serilog.Sinks.Debug (>= 1.0.1)
      Serilog.Sinks.File (>= 4.0)
    Serilog.Enrichers.Environment (2.1.3)
      NETStandard.Library (>= 1.6.1)
      Serilog (>= 2.3)
    Serilog.Enrichers.Thread (3.1)
      Serilog (>= 2.3)
    Serilog.Extensions.Hosting (3.0)
      Microsoft.Extensions.DependencyInjection.Abstractions (>= 2.1)
      Microsoft.Extensions.Hosting.Abstractions (>= 2.1)
      Microsoft.Extensions.Logging.Abstractions (>= 2.1)
      Serilog (>= 2.8)
      Serilog.Extensions.Logging (>= 3.0.1)
    Serilog.Extensions.Logging (3.0.1)
      Microsoft.Extensions.Logging (>= 2.0)
      Serilog (>= 2.8)
    Serilog.Formatting.Compact (1.1)
      Serilog (>= 2.8)
    Serilog.Settings.Configuration (3.1)
      Microsoft.Extensions.DependencyModel (>= 2.0.4)
      Microsoft.Extensions.Options.ConfigurationExtensions (>= 2.0)
      Serilog (>= 2.6)
    Serilog.Sinks.Console (3.1.1)
      Serilog (>= 2.5)
      System.Console (>= 4.3)
      System.Runtime.InteropServices (>= 4.3) - restriction: || (== netcoreapp3.1) (&& (== netstandard2.0) (>= netcoreapp1.1))
      System.Runtime.InteropServices.RuntimeInformation (>= 4.3) - restriction: || (== netcoreapp3.1) (&& (== netstandard2.0) (>= netcoreapp1.1))
    Serilog.Sinks.Debug (1.0.1)
      Serilog (>= 2.5)
      System.Diagnostics.Debug (>= 4.3)
    Serilog.Sinks.File (4.1)
      Serilog (>= 2.5)
      System.IO.FileSystem (>= 4.0.1)
      System.Text.Encoding.Extensions (>= 4.0.11)
      System.Threading.Timer (>= 4.0.1)
    Serilog.Sinks.XUnit (1.0.21)
      NETStandard.Library (>= 1.6.1)
      Serilog (>= 2.6)
      xunit.abstractions (>= 2.0.1)
    System.Buffers (4.5)
    System.Collections (4.3)
      Microsoft.NETCore.Platforms (>= 1.1)
      Microsoft.NETCore.Targets (>= 1.1)
      System.Runtime (>= 4.3)
    System.Collections.Immutable (1.7) - restriction: || (&& (== netcoreapp3.1) (>= net45)) (&& (== netcoreapp3.1) (< netstandard1.1)) (&& (== netcoreapp3.1) (< netstandard2.0)) (== netstandard2.0)
      System.Memory (>= 4.5.3) - restriction: || (&& (== netcoreapp3.1) (>= net46)) (&& (== netcoreapp3.1) (< netcoreapp2.1)) (&& (== netcoreapp3.1) (< netstandard2.0)) (&& (== netcoreapp3.1) (>= uap10.1)) (== netstandard2.0)
    System.ComponentModel.Annotations (4.7) - restriction: || (&& (== netcoreapp3.1) (>= net461)) (&& (== netcoreapp3.1) (< netcoreapp3.0)) (== netstandard2.0)
    System.Console (4.3.1)
      Microsoft.NETCore.Platforms (>= 1.1)
      Microsoft.NETCore.Targets (>= 1.1.2)
      System.IO (>= 4.3)
      System.Runtime (>= 4.3)
      System.Text.Encoding (>= 4.3)
    System.Diagnostics.Debug (4.3)
      Microsoft.NETCore.Platforms (>= 1.1)
      Microsoft.NETCore.Targets (>= 1.1)
      System.Runtime (>= 4.3)
    System.Diagnostics.DiagnosticSource (4.7)
      System.Memory (>= 4.5.3) - restriction: || (&& (== netcoreapp3.1) (>= net45) (< netstandard1.3)) (&& (== netcoreapp3.1) (>= net46)) (&& (== netcoreapp3.1) (< netcoreapp2.1)) (&& (== netcoreapp3.1) (< netstandard2.0)) (&& (== netcoreapp3.1) (>= uap10.1)) (== netstandard2.0)
    System.Drawing.Common (4.7)
      Microsoft.NETCore.Platforms (>= 3.1) - restriction: || (== netcoreapp3.1) (&& (== netstandard2.0) (>= netcoreapp2.0))
      Microsoft.Win32.SystemEvents (>= 4.7) - restriction: || (== netcoreapp3.1) (&& (== netstandard2.0) (>= netcoreapp2.0))
    System.Globalization (4.3)
      Microsoft.NETCore.Platforms (>= 1.1)
      Microsoft.NETCore.Targets (>= 1.1)
      System.Runtime (>= 4.3)
    System.IO (4.3)
      Microsoft.NETCore.Platforms (>= 1.1)
      Microsoft.NETCore.Targets (>= 1.1)
      System.Runtime (>= 4.3)
      System.Text.Encoding (>= 4.3)
      System.Threading.Tasks (>= 4.3)
    System.IO.FileSystem (4.3)
      Microsoft.NETCore.Platforms (>= 1.1)
      Microsoft.NETCore.Targets (>= 1.1)
      System.IO (>= 4.3)
      System.IO.FileSystem.Primitives (>= 4.3)
      System.Runtime (>= 4.3)
      System.Runtime.Handles (>= 4.3)
      System.Text.Encoding (>= 4.3)
      System.Threading.Tasks (>= 4.3)
    System.IO.FileSystem.Primitives (4.3)
      System.Runtime (>= 4.3)
    System.IO.Pipelines (4.7)
    System.Linq (4.3)
      System.Collections (>= 4.3)
      System.Diagnostics.Debug (>= 4.3)
      System.Resources.ResourceManager (>= 4.3)
      System.Runtime (>= 4.3)
      System.Runtime.Extensions (>= 4.3)
    System.Memory (4.5.3) - restriction: || (&& (== netcoreapp3.1) (>= net461)) (&& (== netcoreapp3.1) (< netstandard2.1)) (== netstandard2.0)
      System.Buffers (>= 4.4) - restriction: || (&& (== netcoreapp3.1) (>= monotouch)) (&& (== netcoreapp3.1) (>= net461)) (&& (== netcoreapp3.1) (< netcoreapp2.0)) (&& (== netcoreapp3.1) (< netstandard1.1)) (&& (== netcoreapp3.1) (< netstandard2.0)) (&& (== netcoreapp3.1) (>= xamarinios)) (&& (== netcoreapp3.1) (>= xamarinmac)) (&& (== netcoreapp3.1) (>= xamarintvos)) (&& (== netcoreapp3.1) (>= xamarinwatchos)) (== netstandard2.0)
      System.Numerics.Vectors (>= 4.4) - restriction: || (&& (== netcoreapp3.1) (>= net461)) (&& (== netcoreapp3.1) (< netcoreapp2.0)) (== netstandard2.0)
      System.Runtime.CompilerServices.Unsafe (>= 4.5.2) - restriction: || (&& (== netcoreapp3.1) (>= monotouch)) (&& (== netcoreapp3.1) (>= net461)) (&& (== netcoreapp3.1) (< netcoreapp2.0)) (&& (== netcoreapp3.1) (< netcoreapp2.1)) (&& (== netcoreapp3.1) (< netstandard1.1)) (&& (== netcoreapp3.1) (< netstandard2.0)) (&& (== netcoreapp3.1) (>= uap10.1)) (&& (== netcoreapp3.1) (>= xamarinios)) (&& (== netcoreapp3.1) (>= xamarinmac)) (&& (== netcoreapp3.1) (>= xamarintvos)) (&& (== netcoreapp3.1) (>= xamarinwatchos)) (== netstandard2.0)
    System.Numerics.Vectors (4.5) - restriction: == netstandard2.0
    System.Reflection (4.3)
      Microsoft.NETCore.Platforms (>= 1.1)
      Microsoft.NETCore.Targets (>= 1.1)
      System.IO (>= 4.3)
      System.Reflection.Primitives (>= 4.3)
      System.Runtime (>= 4.3)
    System.Reflection.Emit (4.7)
      System.Reflection.Emit.ILGeneration (>= 4.7) - restriction: || (&& (== netcoreapp3.1) (< netcoreapp2.0) (< netstandard2.1)) (&& (== netcoreapp3.1) (< netstandard1.1)) (&& (== netcoreapp3.1) (< netstandard2.0)) (&& (== netcoreapp3.1) (>= uap10.1)) (== netstandard2.0)
    System.Reflection.Emit.ILGeneration (4.7)
    System.Reflection.Emit.Lightweight (4.7)
      System.Reflection.Emit.ILGeneration (>= 4.7) - restriction: || (&& (== netcoreapp3.1) (< netcoreapp2.0) (< netstandard2.1)) (&& (== netcoreapp3.1) (< netstandard2.0)) (&& (== netcoreapp3.1) (< portable-net45+wp8)) (&& (== netcoreapp3.1) (>= uap10.1)) (== netstandard2.0)
    System.Reflection.Extensions (4.3)
      Microsoft.NETCore.Platforms (>= 1.1)
      Microsoft.NETCore.Targets (>= 1.1)
      System.Reflection (>= 4.3)
      System.Runtime (>= 4.3)
    System.Reflection.Metadata (1.8)
      System.Collections.Immutable (>= 1.7) - restriction: || (&& (== netcoreapp3.1) (>= net45)) (&& (== netcoreapp3.1) (< netstandard1.1)) (&& (== netcoreapp3.1) (< netstandard2.0)) (== netstandard2.0)
    System.Reflection.Primitives (4.3)
      Microsoft.NETCore.Platforms (>= 1.1)
      Microsoft.NETCore.Targets (>= 1.1)
      System.Runtime (>= 4.3)
    System.Reflection.TypeExtensions (4.7)
    System.Resources.ResourceManager (4.3)
      Microsoft.NETCore.Platforms (>= 1.1)
      Microsoft.NETCore.Targets (>= 1.1)
      System.Globalization (>= 4.3)
      System.Reflection (>= 4.3)
      System.Runtime (>= 4.3)
    System.Runtime (4.3.1)
      Microsoft.NETCore.Platforms (>= 1.1.1)
      Microsoft.NETCore.Targets (>= 1.1.3)
    System.Runtime.CompilerServices.Unsafe (4.7)
    System.Runtime.Extensions (4.3.1)
      Microsoft.NETCore.Platforms (>= 1.1.1)
      Microsoft.NETCore.Targets (>= 1.1.3)
      System.Runtime (>= 4.3.1)
    System.Runtime.Handles (4.3)
      Microsoft.NETCore.Platforms (>= 1.1)
      Microsoft.NETCore.Targets (>= 1.1)
      System.Runtime (>= 4.3)
    System.Runtime.InteropServices (4.3)
      Microsoft.NETCore.Platforms (>= 1.1)
      Microsoft.NETCore.Targets (>= 1.1)
      System.Reflection (>= 4.3)
      System.Reflection.Primitives (>= 4.3)
      System.Runtime (>= 4.3)
      System.Runtime.Handles (>= 4.3)
    System.Runtime.InteropServices.RuntimeInformation (4.3) - restriction: || (== netcoreapp3.1) (&& (== netstandard2.0) (>= netcoreapp1.1))
      runtime.native.System (>= 4.3)
      System.Reflection (>= 4.3)
      System.Reflection.Extensions (>= 4.3)
      System.Resources.ResourceManager (>= 4.3)
      System.Runtime (>= 4.3)
      System.Runtime.InteropServices (>= 4.3)
      System.Threading (>= 4.3)
    System.Security.AccessControl (4.7) - restriction: || (&& (== netcoreapp3.1) (>= monoandroid) (< netstandard2.0)) (&& (== netcoreapp3.1) (>= monotouch)) (&& (== netcoreapp3.1) (>= net461)) (&& (== netcoreapp3.1) (< netcoreapp3.0)) (&& (== netcoreapp3.1) (>= xamarinios)) (&& (== netcoreapp3.1) (>= xamarinmac)) (&& (== netcoreapp3.1) (>= xamarintvos)) (&& (== netcoreapp3.1) (>= xamarinwatchos)) (== netstandard2.0)
      System.Security.Principal.Windows (>= 4.7)
    System.Security.Cryptography.Cng (4.7) - restriction: || (&& (== netcoreapp3.1) (>= net461)) (&& (== netcoreapp3.1) (< netcoreapp2.0)) (&& (== netcoreapp3.1) (< netcoreapp3.0)) (&& (== netcoreapp3.1) (< netstandard2.1)) (== netstandard2.0)
    System.Security.Cryptography.Pkcs (4.7) - restriction: || (&& (== netcoreapp3.1) (>= net461)) (&& (== netcoreapp3.1) (< netcoreapp3.0)) (== netstandard2.0)
      System.Buffers (>= 4.5) - restriction: || (&& (== netcoreapp3.1) (< netcoreapp2.0) (< netstandard2.1)) (== netstandard2.0)
      System.Memory (>= 4.5.3) - restriction: || (&& (== netcoreapp3.1) (< netcoreapp2.0) (< netstandard2.1)) (&& (== netcoreapp3.1) (< netcoreapp2.1) (< netstandard2.1)) (&& (== netcoreapp3.1) (>= uap10.1)) (== netstandard2.0)
      System.Security.Cryptography.Cng (>= 4.7)
    System.Security.Cryptography.Xml (4.7) - restriction: || (&& (== netcoreapp3.1) (>= net461)) (&& (== netcoreapp3.1) (< netcoreapp3.0)) (== netstandard2.0)
      System.Security.Cryptography.Pkcs (>= 4.7)
      System.Security.Permissions (>= 4.7)
    System.Security.Permissions (4.7) - restriction: || (&& (== netcoreapp3.1) (>= net461)) (&& (== netcoreapp3.1) (< netcoreapp3.0)) (== netstandard2.0)
      System.Security.AccessControl (>= 4.7)
    System.Security.Principal.Windows (4.7) - restriction: || (&& (== netcoreapp3.1) (>= net461)) (&& (== netcoreapp3.1) (< netcoreapp3.0)) (== netstandard2.0)
    System.Text.Encoding (4.3)
      Microsoft.NETCore.Platforms (>= 1.1)
      Microsoft.NETCore.Targets (>= 1.1)
      System.Runtime (>= 4.3)
    System.Text.Encoding.Extensions (4.3)
      Microsoft.NETCore.Platforms (>= 1.1)
      Microsoft.NETCore.Targets (>= 1.1)
      System.Runtime (>= 4.3)
      System.Text.Encoding (>= 4.3)
    System.Text.Encodings.Web (4.7) - restriction: == netstandard2.0
      System.Memory (>= 4.5.3) - restriction: || (&& (== netcoreapp3.1) (>= net461)) (&& (== netcoreapp3.1) (< netcoreapp2.1) (< netstandard2.1)) (&& (== netcoreapp3.1) (>= uap10.1)) (== netstandard2.0)
    System.Text.Json (4.7.1)
      Microsoft.Bcl.AsyncInterfaces (>= 1.1) - restriction: || (&& (== netcoreapp3.1) (>= monoandroid) (< netstandard2.0)) (&& (== netcoreapp3.1) (>= monotouch)) (&& (== netcoreapp3.1) (>= net461)) (&& (== netcoreapp3.1) (< netcoreapp2.0)) (&& (== netcoreapp3.1) (< netcoreapp2.1)) (&& (== netcoreapp3.1) (< netcoreapp3.0)) (&& (== netcoreapp3.1) (>= uap10.1)) (&& (== netcoreapp3.1) (>= xamarinios)) (&& (== netcoreapp3.1) (>= xamarinmac)) (&& (== netcoreapp3.1) (>= xamarintvos)) (&& (== netcoreapp3.1) (>= xamarinwatchos)) (== netstandard2.0)
      System.Buffers (>= 4.5) - restriction: || (&& (== netcoreapp3.1) (>= monoandroid) (< netstandard2.0)) (&& (== netcoreapp3.1) (>= monotouch)) (&& (== netcoreapp3.1) (>= net461)) (&& (== netcoreapp3.1) (< netcoreapp2.0)) (&& (== netcoreapp3.1) (>= xamarinios)) (&& (== netcoreapp3.1) (>= xamarinmac)) (&& (== netcoreapp3.1) (>= xamarintvos)) (&& (== netcoreapp3.1) (>= xamarinwatchos)) (== netstandard2.0)
      System.Memory (>= 4.5.3) - restriction: || (&& (== netcoreapp3.1) (>= net461)) (&& (== netcoreapp3.1) (< netcoreapp2.0)) (&& (== netcoreapp3.1) (< netcoreapp2.1)) (&& (== netcoreapp3.1) (>= uap10.1)) (== netstandard2.0)
      System.Numerics.Vectors (>= 4.5) - restriction: || (&& (== netcoreapp3.1) (>= net461)) (&& (== netcoreapp3.1) (< netcoreapp2.0)) (== netstandard2.0)
      System.Runtime.CompilerServices.Unsafe (>= 4.7) - restriction: || (&& (== netcoreapp3.1) (>= monoandroid) (< netstandard2.0)) (&& (== netcoreapp3.1) (>= monotouch)) (&& (== netcoreapp3.1) (>= net461)) (&& (== netcoreapp3.1) (< netcoreapp2.0)) (&& (== netcoreapp3.1) (< netcoreapp2.1)) (&& (== netcoreapp3.1) (< netcoreapp3.0)) (&& (== netcoreapp3.1) (>= uap10.1)) (&& (== netcoreapp3.1) (>= xamarinios)) (&& (== netcoreapp3.1) (>= xamarinmac)) (&& (== netcoreapp3.1) (>= xamarintvos)) (&& (== netcoreapp3.1) (>= xamarinwatchos)) (== netstandard2.0)
      System.Text.Encodings.Web (>= 4.7) - restriction: || (&& (== netcoreapp3.1) (>= monoandroid) (< netstandard2.0)) (&& (== netcoreapp3.1) (>= monotouch)) (&& (== netcoreapp3.1) (>= net461)) (&& (== netcoreapp3.1) (< netcoreapp2.0)) (&& (== netcoreapp3.1) (< netcoreapp2.1)) (&& (== netcoreapp3.1) (< netcoreapp3.0)) (&& (== netcoreapp3.1) (>= uap10.1)) (&& (== netcoreapp3.1) (>= xamarinios)) (&& (== netcoreapp3.1) (>= xamarinmac)) (&& (== netcoreapp3.1) (>= xamarintvos)) (&& (== netcoreapp3.1) (>= xamarinwatchos)) (== netstandard2.0)
      System.Threading.Tasks.Extensions (>= 4.5.2) - restriction: || (&& (== netcoreapp3.1) (>= net461)) (&& (== netcoreapp3.1) (< netcoreapp2.0)) (&& (== netcoreapp3.1) (< netcoreapp2.1)) (&& (== netcoreapp3.1) (>= uap10.1)) (== netstandard2.0)
    System.Text.RegularExpressions (4.3.1)
      System.Collections (>= 4.3) - restriction: || (&& (== netcoreapp3.1) (< netcoreapp1.1)) (== netstandard2.0)
      System.Globalization (>= 4.3) - restriction: || (&& (== netcoreapp3.1) (< netcoreapp1.1)) (== netstandard2.0)
      System.Resources.ResourceManager (>= 4.3) - restriction: || (&& (== netcoreapp3.1) (< netcoreapp1.1)) (== netstandard2.0)
      System.Runtime (>= 4.3.1)
      System.Runtime.Extensions (>= 4.3.1) - restriction: || (&& (== netcoreapp3.1) (< netcoreapp1.1)) (== netstandard2.0)
      System.Threading (>= 4.3) - restriction: || (&& (== netcoreapp3.1) (< netcoreapp1.1)) (== netstandard2.0)
    System.Threading (4.3)
      System.Runtime (>= 4.3)
      System.Threading.Tasks (>= 4.3)
    System.Threading.Tasks (4.3)
      Microsoft.NETCore.Platforms (>= 1.1)
      Microsoft.NETCore.Targets (>= 1.1)
      System.Runtime (>= 4.3)
    System.Threading.Tasks.Extensions (4.5.3)
      System.Runtime.CompilerServices.Unsafe (>= 4.5.2) - restriction: || (&& (== netcoreapp3.1) (>= net45)) (&& (== netcoreapp3.1) (< netcoreapp2.1)) (&& (== netcoreapp3.1) (< netstandard1.0)) (&& (== netcoreapp3.1) (< netstandard2.0)) (&& (== netcoreapp3.1) (>= wp8)) (== netstandard2.0)
    System.Threading.Timer (4.3)
      Microsoft.NETCore.Platforms (>= 1.1)
      Microsoft.NETCore.Targets (>= 1.1)
      System.Runtime (>= 4.3)
    System.ValueTuple (4.5)
    System.Xml.ReaderWriter (4.3.1)
      System.Collections (>= 4.3)
      System.Diagnostics.Debug (>= 4.3)
      System.Globalization (>= 4.3)
      System.IO (>= 4.3)
      System.IO.FileSystem (>= 4.3)
      System.IO.FileSystem.Primitives (>= 4.3)
      System.Resources.ResourceManager (>= 4.3)
      System.Runtime (>= 4.3)
      System.Runtime.Extensions (>= 4.3)
      System.Runtime.InteropServices (>= 4.3)
      System.Text.Encoding (>= 4.3)
      System.Text.Encoding.Extensions (>= 4.3)
      System.Text.RegularExpressions (>= 4.3)
      System.Threading.Tasks (>= 4.3)
      System.Threading.Tasks.Extensions (>= 4.3)
    System.Xml.XmlDocument (4.3)
      System.Collections (>= 4.3)
      System.Diagnostics.Debug (>= 4.3)
      System.Globalization (>= 4.3)
      System.IO (>= 4.3)
      System.Resources.ResourceManager (>= 4.3)
      System.Runtime (>= 4.3)
      System.Runtime.Extensions (>= 4.3)
      System.Text.Encoding (>= 4.3)
      System.Threading (>= 4.3)
      System.Xml.ReaderWriter (>= 4.3)
    System.Xml.XmlSerializer (4.3)
      System.Collections (>= 4.3)
      System.Globalization (>= 4.3)
      System.IO (>= 4.3)
      System.Linq (>= 4.3)
      System.Reflection (>= 4.3)
      System.Reflection.Emit (>= 4.3)
      System.Reflection.Emit.ILGeneration (>= 4.3)
      System.Reflection.Extensions (>= 4.3)
      System.Reflection.Primitives (>= 4.3)
      System.Reflection.TypeExtensions (>= 4.3)
      System.Resources.ResourceManager (>= 4.3)
      System.Runtime (>= 4.3)
      System.Runtime.Extensions (>= 4.3)
      System.Text.RegularExpressions (>= 4.3)
      System.Threading (>= 4.3)
      System.Xml.ReaderWriter (>= 4.3)
      System.Xml.XmlDocument (>= 4.3)
    Taskbuilder.fs (2.2.0-alpha)
      FSharp.Core (>= 4.1.17)
    Thoth.Json.Net (4.0)
      Fable.Core (>= 3.0 < 4.0)
      FSharp.Core (>= 4.6.2)
      Newtonsoft.Json (>= 11.0.2)
    Unquote (5.0)
      FSharp.Core (>= 4.6.2)
    Utf8Json (1.3.7)
      System.Reflection.Emit (>= 4.3)
      System.Reflection.Emit.Lightweight (>= 4.3)
      System.Threading.Tasks.Extensions (>= 4.4)
      System.ValueTuple (>= 4.4)
    xunit (2.4.1)
      xunit.analyzers (>= 0.10)
      xunit.assert (2.4.1)
      xunit.core (2.4.1)
    xunit.abstractions (2.0.3)
    xunit.analyzers (0.10)
    xunit.assert (2.4.1)
      NETStandard.Library (>= 1.6.1)
    xunit.core (2.4.1)
      xunit.extensibility.core (2.4.1)
      xunit.extensibility.execution (2.4.1)
    xunit.extensibility.core (2.4.1)
      NETStandard.Library (>= 1.6.1)
      xunit.abstractions (>= 2.0.3)
    xunit.extensibility.execution (2.4.1)
      NETStandard.Library (>= 1.6.1)
      xunit.extensibility.core (2.4.1)
    xunit.runner.visualstudio (2.4.1)
      Microsoft.NET.Test.Sdk (>= 15.0) - restriction: || (== netcoreapp3.1) (&& (== netstandard2.0) (>= netcoreapp1.0))
